PATH
  remote: .
  specs:
    gosu-tilemap (0.1.0)
      gosu

GEM
  remote: https://rubygems.org/
  specs:
    gosu (0.14.3)
    minitest (5.11.3)
    rake (10.5.0)

PLATFORMS
  ruby

DEPENDENCIES
  bundler (~> 1.16)
  gosu-tilemap!
  minitest (~> 5.0)
  rake (~> 10.0)

BUNDLED WITH
   1.16.1
